GEM
  remote: https://rubygems.org/
  specs:
    bcp47 (0.3.3)
      i18n
    concurrent-ruby (1.1.10)
    date_time_precision (0.8.1)
    fhir_models (4.2.1)
      bcp47 (>= 0.3)
      date_time_precision (>= 0.8)
      mime-types (>= 3.0)
      nokogiri (>= 1.11.4)
    i18n (1.10.0)
      concurrent-ruby (~> 1.0)
    mime-types (3.4.1)
      mime-types-data (~> 3.2015)
    mime-types-data (3.2022.0105)
    nokogiri (1.13.6-x86_64-darwin)
      racc (~> 1.4)
    racc (1.6.0)

PLATFORMS
  x86_64-darwin-20

DEPENDENCIES
  fhir_models

BUNDLED WITH
   2.2.29
